GEM
  remote: http://rubygems.org/
  specs:
    bson (1.6.2)
    daemons (1.1.8)
    eventmachine (0.12.10)
    haml (3.1.4)
    json (1.7.3)
    mime-types (1.18)
    mongo (1.6.2)
      bson (~> 1.6.2)
    rack (1.4.1)
    rest-client (1.6.7)
      mime-types (>= 1.16)
    sinatra (1.1.0)
      rack (~> 1.1)
      tilt (~> 1.1)
    thin (1.3.1)
      daemons (>= 1.0.9)
      eventmachine (>= 0.12.6)
      rack (>= 1.0.0)
    tilt (1.3.3)

PLATFORMS
  ruby

DEPENDENCIES
  haml
  json
  mongo
  rest-client
  sinatra (= 1.1.0)
  thin
